PATH
  remote: .
  specs:
    logasm (0.2.3)
      inflecto

GEM
  remote: https://rubygems.org/
  specs:
    amq-protocol (2.0.0)
    atomic (1.1.99)
    bunny (1.6.3)
      amq-protocol (>= 1.9.2)
    coderay (1.1.0)
    diff-lcs (1.2.5)
    freddy (0.4.1)
      bunny (= 1.6.3)
      hamster (~> 1.0.1.pre.rc3)
      symbolizer
      thread (~> 0.2)
    hamster (1.0.1.pre.rc3)
      atomic (~> 1.1)
    inflecto (0.0.2)
    method_source (0.8.2)
    pry (0.10.1)
      coderay (~> 1.1.0)
      method_source (~> 0.8.1)
      slop (~> 3.4)
    rake (10.3.2)
    rspec (3.3.0)
      rspec-core (~> 3.3.0)
      rspec-expectations (~> 3.3.0)
      rspec-mocks (~> 3.3.0)
    rspec-core (3.3.2)
      rspec-support (~> 3.3.0)
    rspec-expectations (3.3.1)
      diff-lcs (>= 1.2.0, < 2.0)
      rspec-support (~> 3.3.0)
    rspec-mocks (3.3.2)
      diff-lcs (>= 1.2.0, < 2.0)
      rspec-support (~> 3.3.0)
    rspec-support (3.3.0)
    slop (3.6.0)
    symbolizer (0.0.1)
    thread (0.2.2)

PLATFORMS
  ruby

DEPENDENCIES
  bundler (~> 1.3)
  freddy (~> 0.4.1)
  logasm!
  pry
  rake
  rspec

BUNDLED WITH
   1.10.6
