PATH
  remote: .
  specs:
    logasm (0.0.1)
      bunny (~> 1.3)
      logstash-logger (~> 0.6.0)

GEM
  remote: https://rubygems.org/
  specs:
    amq-protocol (1.9.2)
    atomic (1.1.16)
    avl_tree (1.1.3)
    bunny (1.4.0)
      amq-protocol (>= 1.9.2)
    coderay (1.1.0)
    diff-lcs (1.2.5)
    ffi (1.9.3)
    hitimes (1.2.2)
    logstash-event (1.2.02)
    logstash-logger (0.6.2)
      logstash-event (~> 1.2)
      stud
    method_source (0.8.2)
    metriks (0.9.9.6)
      atomic (~> 1.0)
      avl_tree (~> 1.1.2)
      hitimes (~> 1.1)
    pry (0.10.0)
      coderay (~> 1.1.0)
      method_source (~> 0.8.1)
      slop (~> 3.4)
    rake (10.3.2)
    rspec (3.0.0)
      rspec-core (~> 3.0.0)
      rspec-expectations (~> 3.0.0)
      rspec-mocks (~> 3.0.0)
    rspec-core (3.0.3)
      rspec-support (~> 3.0.0)
    rspec-expectations (3.0.3)
      diff-lcs (>= 1.2.0, < 2.0)
      rspec-support (~> 3.0.0)
    rspec-mocks (3.0.3)
      rspec-support (~> 3.0.0)
    rspec-support (3.0.3)
    slop (3.6.0)
    stud (0.0.17)
      ffi
      metriks

PLATFORMS
  ruby

DEPENDENCIES
  bundler (~> 1.3)
  logasm!
  pry
  rake
  rspec
